GIT
  remote: https://github.com/rack/rack.git
  revision: e20baec005238f9876281c0d083fe5a4e01aa034
  ref: e20baec005238f9876281c0d083fe5a4e01aa034
  specs:
    rack (1.4.0)

GEM
  remote: http://rubygems.org/
  specs:
    activemodel (3.1.3)
      activesupport (= 3.1.3)
      builder (~> 3.0.0)
      i18n (~> 0.6)
    activesupport (3.1.3)
      multi_json (~> 1.0)
    addressable (2.2.6)
    bson (1.5.2)
    bson_ext (1.5.2)
      bson (= 1.5.2)
    builder (3.0.0)
    coderay (0.9.8)
    diff-lcs (1.1.3)
    faraday (0.7.6)
      addressable (~> 2.2)
      multipart-post (~> 1.1)
      rack (~> 1.1)
    grit (2.4.1)
      diff-lcs (~> 1.1)
      mime-types (~> 1.15)
    haml (3.1.4)
    happymapper (0.4.0)
      libxml-ruby (~> 2.0)
    hashie (1.2.0)
    http_router (0.10.2)
      rack (>= 1.0.0)
      url_mount (~> 0.2.1)
    i18n (0.6.0)
    libxml-ruby (2.2.2)
    mail (2.3.0)
      i18n (>= 0.4.0)
      mime-types (~> 1.16)
      treetop (~> 1.4.8)
    method_source (0.6.7)
      ruby_parser (>= 2.3.1)
    mime-types (1.17.2)
    mongo (1.5.2)
      bson (= 1.5.2)
    mongoid (2.4.1)
      activemodel (~> 3.1)
      mongo (~> 1.3)
      tzinfo (~> 0.3.22)
    multi_json (1.0.4)
    multipart-post (1.1.4)
    nokogiri (1.5.0)
    oauth2 (0.5.2)
      faraday (~> 0.7)
      multi_json (~> 1.0)
    omniauth (1.0.2)
      hashie (~> 1.2)
      rack
    omniauth-github (1.0.1)
      omniauth (~> 1.0)
      omniauth-oauth2 (~> 1.0)
    omniauth-oauth2 (1.0.0)
      oauth2 (~> 0.5.0)
      omniauth (~> 1.0)
    padrino (0.10.5)
      padrino-admin (= 0.10.5)
      padrino-cache (= 0.10.5)
      padrino-core (= 0.10.5)
      padrino-gen (= 0.10.5)
      padrino-helpers (= 0.10.5)
      padrino-mailer (= 0.10.5)
    padrino-admin (0.10.5)
      padrino-core (= 0.10.5)
      padrino-helpers (= 0.10.5)
    padrino-cache (0.10.5)
      padrino-core (= 0.10.5)
    padrino-core (0.10.5)
      activesupport (~> 3.1.0)
      http_router (~> 0.10.2)
      sinatra (~> 1.3.1)
      thor (~> 0.14.3)
      tilt (~> 1.3.0)
    padrino-gen (0.10.5)
      bundler (~> 1.0)
      grit (~> 2.4.1)
      padrino-core (= 0.10.5)
    padrino-helpers (0.10.5)
      i18n (~> 0.6)
      padrino-core (= 0.10.5)
    padrino-mailer (0.10.5)
      mail (~> 2.3.0)
      padrino-core (= 0.10.5)
    pivotal-tracker (0.4.1)
      builder
      builder
      happymapper (>= 0.3.2)
      happymapper (>= 0.3.2)
      nokogiri (>= 1.4.3)
      nokogiri (~> 1.4)
      rest-client (~> 1.6.0)
      rest-client (~> 1.6.0)
    polyglot (0.3.3)
    pry (0.9.7.4)
      coderay (~> 0.9.8)
      method_source (~> 0.6.7)
      ruby_parser (>= 2.3.1)
      slop (~> 2.1.0)
    pry-padrino (0.1.2)
      pry (>= 0.8)
    rack-protection (1.2.0)
      rack
    rake (0.9.2.2)
    rest-client (1.6.7)
      mime-types (>= 1.16)
    ruby_parser (2.3.1)
      sexp_processor (~> 3.0)
    sexp_processor (3.0.10)
    sinatra (1.3.2)
      rack (~> 1.3, >= 1.3.6)
      rack-protection (~> 1.2)
      tilt (~> 1.3, >= 1.3.3)
    sinatra-flash (0.3.0)
      sinatra (>= 1.0.0)
    slop (2.1.0)
    thor (0.14.6)
    tilt (1.3.3)
    treetop (1.4.10)
      polyglot
      polyglot (>= 0.3.1)
    tzinfo (0.3.31)
    url_mount (0.2.1)
      rack

PLATFORMS
  ruby

DEPENDENCIES
  bson_ext
  haml
  mongoid
  omniauth
  omniauth-github
  padrino (= 0.10.5)
  pivotal-tracker
  pry-padrino
  rack!
  rake
  sinatra-flash
